GEM
  remote: https://rubygems.org/
  specs:
    faderuby (0.0.1)
    trollop (2.0)

PLATFORMS
  ruby

DEPENDENCIES
  faderuby
  trollop
